GEM
  remote: http://rubygems.org/
  specs:
    activemodel (3.2.6)
      activesupport (= 3.2.6)
      builder (~> 3.0.0)
    activesupport (3.2.6)
      i18n (~> 0.6)
      multi_json (~> 1.0)
    bson (1.6.4)
    bson_ext (1.6.4)
      bson (~> 1.6.4)
    builder (3.0.0)
    diff-lcs (1.1.3)
    i18n (0.6.0)
    mongo (1.6.2)
      bson (~> 1.6.2)
    mongoid (2.4.11)
      activemodel (~> 3.1)
      mongo (<= 1.6.2)
      tzinfo (~> 0.3.22)
    mongoid_spacial (0.2.16)
      activesupport (~> 3.0)
      mongoid (>= 2.3.0)
    multi_json (1.3.6)
    rack (1.4.1)
    rack-protection (1.2.0)
      rack
    rack-test (0.6.1)
      rack (>= 1.0)
    rspec (2.10.0)
      rspec-core (~> 2.10.0)
      rspec-expectations (~> 2.10.0)
      rspec-mocks (~> 2.10.0)
    rspec-core (2.10.1)
    rspec-expectations (2.10.0)
      diff-lcs (~> 1.1.3)
    rspec-mocks (2.10.1)
    sinatra (1.3.2)
      rack (~> 1.3, >= 1.3.6)
      rack-protection (~> 1.2)
      tilt (~> 1.3, >= 1.3.3)
    tilt (1.3.3)
    tzinfo (0.3.33)

PLATFORMS
  ruby

DEPENDENCIES
  bson_ext
  mongoid
  mongoid_spacial
  rack-test
  rspec
  sinatra
